GEM
  remote: http://rubygems.org/
  specs:
    activesupport (3.0.9)
    cramp (0.13)
      activesupport (~> 3.0.9)
      eventmachine (~> 0.12.10)
      rack (~> 1.2.1)
    eventmachine (0.12.10)
    foreman (0.19.0)
      term-ansicolor (~> 1.0.5)
      thor (>= 0.13.6)
    kgio (2.6.0)
    rack (1.2.3)
    rainbows (4.1.0)
      kgio (~> 2.5)
      rack (~> 1.1)
      unicorn (~> 4.0)
    raindrops (0.7.0)
    term-ansicolor (1.0.6)
    thor (0.14.6)
    unicorn (4.0.1)
      kgio (~> 2.4)
      rack
      raindrops (~> 0.6)

PLATFORMS
  ruby

DEPENDENCIES
  cramp
  foreman
  rainbows
