GIT
  remote: git://github.com/lifo/cramp.git
  revision: 22002f13342ee356162a8609adab56a7668ee3e6
  specs:
    cramp (0.13)
      activesupport (~> 3.0.9)
      eventmachine (~> 1.0.0.beta.3)
      rack (~> 1.3.2)
      thor (~> 0.14.6)

GEM
  remote: http://rubygems.org/
  specs:
    activesupport (3.0.9)
    eventmachine (1.0.0.beta.3)
    foreman (0.19.0)
      term-ansicolor (~> 1.0.5)
      thor (>= 0.13.6)
    kgio (2.6.0)
    rack (1.3.2)
    rainbows (4.1.0)
      kgio (~> 2.5)
      rack (~> 1.1)
      unicorn (~> 4.0)
    raindrops (0.7.0)
    term-ansicolor (1.0.6)
    thor (0.14.6)
    unicorn (4.0.1)
      kgio (~> 2.4)
      rack
      raindrops (~> 0.6)

PLATFORMS
  ruby

DEPENDENCIES
  cramp!
  foreman
  rainbows
